GEM
  remote: http://rubygems.org/
  specs:
    daemon_controller (1.1.8)
    fastthread (1.0.7)
    json (1.8.1)
    newrelic_plugin (1.3.1)
      json
    passenger (3.0.21)
      daemon_controller (>= 1.0.0)
      fastthread (>= 1.0.1)
      rack
      rake (>= 0.8.1)
    rack (1.5.2)
    rake (10.1.1)

PLATFORMS
  ruby

DEPENDENCIES
  newrelic_plugin
  passenger (~> 3.0.0)
